GEM
  remote: http://rubygems.org/
  specs:
    activesupport (2.3.10)
    addressable (2.2.2)
    blather (0.4.15)
      eventmachine (>= 0.12.6)
      nokogiri (>= 1.4.0)
    em-http-request (0.3.0)
      addressable (>= 2.0.0)
      escape_utils
      eventmachine (>= 0.12.9)
    escape_utils (0.1.9)
    eventmachine (0.12.10)
    git (1.2.5)
    jeweler (1.5.2)
      bundler (~> 1.0.0)
      git (>= 1.2.5)
      rake
    nokogiri (1.4.4)
    rake (0.8.7)
    rcov (0.9.9)
    yajl-ruby (0.7.9)

PLATFORMS
  ruby

DEPENDENCIES
  activesupport
  blather
  bundler (~> 1.0.0)
  em-http-request
  jeweler (~> 1.5.2)
  rcov
  yajl-ruby
